GEM
  remote: https://rubygems.org/
  specs:
    CFPropertyList (2.2.8)
    coderay (1.1.0)
    concurrent-ruby (1.1.8)
    deep_merge (1.2.1)
    diff-lcs (1.2.5)
    facter (2.3.0)
      CFPropertyList (~> 2.2.6)
    fast_gettext (1.8.0)
    hiera (3.7.0)
    hocon (1.3.1)
    httpclient (2.8.3)
    locale (2.1.3)
    metaclass (0.0.4)
    method_source (0.8.2)
    mocha (1.1.0)
      metaclass (~> 0.0.1)
    multi_json (1.15.0)
    pry (0.9.12.6)
      coderay (~> 1.0)
      method_source (~> 0.8)
      slop (~> 3.4)
    puppet (6.13.0)
      concurrent-ruby (~> 1.0)
      deep_merge (~> 1.0)
      facter (> 2.0.1, < 5)
      fast_gettext (~> 1.1)
      hiera (>= 3.2.1, < 4)
      httpclient (~> 2.8)
      locale (~> 2.1)
      multi_json (~> 1.10)
      puppet-resource_api (~> 1.5)
      semantic_puppet (~> 1.0)
    puppet-lint (1.1.0)
    puppet-resource_api (1.8.13)
      hocon (>= 1.0)
    puppet-syntax (1.3.0)
      rake
    puppetlabs_spec_helper (0.8.2)
      mocha
      puppet-lint
      puppet-syntax
      rake
      rspec
      rspec-puppet
    rake (13.0.1)
    rspec (3.1.0)
      rspec-core (~> 3.1.0)
      rspec-expectations (~> 3.1.0)
      rspec-mocks (~> 3.1.0)
    rspec-core (3.1.7)
      rspec-support (~> 3.1.0)
    rspec-expectations (3.1.2)
      diff-lcs (>= 1.2.0, < 2.0)
      rspec-support (~> 3.1.0)
    rspec-mocks (3.1.3)
      rspec-support (~> 3.1.0)
    rspec-puppet (1.0.1)
      rspec
    rspec-support (3.1.2)
    semantic_puppet (1.0.3)
    slop (3.6.0)

PLATFORMS
  ruby

DEPENDENCIES
  facter (~> 2.3.0)
  mocha (~> 1.1.0)
  pry (~> 0.9.0)
  puppet (~> 6.13.0)
  puppet-lint (~> 1.1.0)
  puppetlabs_spec_helper (~> 0.8.0)
  rspec-mocks (~> 3.1.0)
